GIT
  remote: git://github.com/aws/aws-sdk-ruby.git
  revision: c767e023ee42b2d274a201992af3926c320dad07
  specs:
    aws-sdk (1.8.5)
      json (~> 1.4)
      nokogiri (>= 1.4.4)
      uuidtools (~> 2.1)

GIT
  remote: git://github.com/bmabey/database_cleaner.git
  revision: 466ccfdbd72dc67c4e43eeee7551b38721347c44
  specs:
    database_cleaner (0.9.1)

GIT
  remote: git://github.com/haml/haml.git
  revision: db78aa5c9442a659803a3e35c9060c1c299b5a5d
  specs:
    haml (4.1.0.alpha.0)
      tilt

GIT
  remote: git://github.com/onomojo/delayed_paperclip.git
  revision: d0a279079ee50f49d24f4249377e0541988cbc05
  specs:
    delayed_paperclip (2.5.1.0)
      paperclip (>= 3.3.0)

GIT
  remote: git://github.com/onomojo/sprockets-rails.git
  revision: 707db5c9990d68ab9a691de13bf5ab2a62b24015
  specs:
    sprockets-rails (2.0.0.rc3)
      actionpack (>= 3.0)
      activesupport (>= 3.0)
      sprockets (~> 2.8)

GIT
  remote: git://github.com/plataformatec/devise.git
  revision: 9a8cb011d7c22726b59ab7c101d06dbf995ca222
  branch: rails4
  specs:
    devise (2.2.3)
      bcrypt-ruby (~> 3.0)
      orm_adapter (~> 0.1)
      railties (~> 4.0.0.beta)
      warden (~> 1.2.1)

GIT
  remote: git://github.com/rails/arel.git
  revision: a1b72178714fbf0033fe076b7e51f57eff152bdd
  specs:
    arel (4.0.0.20130418133826)

GIT
  remote: git://github.com/rails/coffee-rails.git
  revision: 948fef30464235e7588e34faa513b448a00c0e6b
  specs:
    coffee-rails (4.0.0.beta1)
      coffee-script (>= 2.2.0)
      railties (>= 4.0.0.beta, < 5.0)

GIT
  remote: git://github.com/rails/jquery-rails.git
  revision: e51fc324e635efb4d2418acb5aabe3101c8bfb59
  specs:
    jquery-rails (2.2.1)
      railties (>= 3.0, < 5.0)
      thor (>= 0.14, < 2.0)

GIT
  remote: git://github.com/rails/rails.git
  revision: 3b0b573ac3ecbec5b1fa021abbe86b267bbefb8c
  specs:
    actionmailer (4.0.0.beta1)
      actionpack (= 4.0.0.beta1)
      mail (~> 2.5.3)
    actionpack (4.0.0.beta1)
      activesupport (= 4.0.0.beta1)
      builder (~> 3.1.0)
      erubis (~> 2.7.0)
      rack (~> 1.5.2)
      rack-test (~> 0.6.2)
    activemodel (4.0.0.beta1)
      activesupport (= 4.0.0.beta1)
      builder (~> 3.1.0)
    activerecord (4.0.0.beta1)
      activemodel (= 4.0.0.beta1)
      activerecord-deprecated_finders (~> 0.0.3)
      activesupport (= 4.0.0.beta1)
      arel (~> 4.0.0.beta2)
    activesupport (4.0.0.beta1)
      i18n (~> 0.6, >= 0.6.4)
      minitest (~> 4.2)
      multi_json (~> 1.3)
      thread_safe (~> 0.1)
      tzinfo (~> 0.3.37)
    rails (4.0.0.beta1)
      actionmailer (= 4.0.0.beta1)
      actionpack (= 4.0.0.beta1)
      activerecord (= 4.0.0.beta1)
      activesupport (= 4.0.0.beta1)
      bundler (>= 1.3.0, < 2.0)
      railties (= 4.0.0.beta1)
      sprockets-rails (~> 2.0.0.rc3)
    railties (4.0.0.beta1)
      actionpack (= 4.0.0.beta1)
      activesupport (= 4.0.0.beta1)
      rake (>= 0.8.7)
      thor (>= 0.18.1, < 2.0)

GIT
  remote: git://github.com/rails/sass-rails.git
  revision: d435679b0fe528b954a9abd0059f975d94707574
  specs:
    sass-rails (4.0.0.beta1)
      railties (>= 4.0.0.beta, < 5.0)
      sass (>= 3.1.10)
      sprockets-rails (~> 2.0.0.rc0)
      tilt (~> 1.3)

GIT
  remote: git://github.com/rweng/jquery-datatables-rails.git
  revision: 494f752b8eb8350f33841c822a67d014c869219f
  specs:
    jquery-datatables-rails (1.11.2)
      jquery-rails

GIT
  remote: git://github.com/thoughtbot/paperclip.git
  revision: 2a74ca48f5a693566c179fa6c587e460b9584735
  specs:
    paperclip (3.4.2)
      activemodel (>= 3.0.0)
      activerecord (>= 3.0.0)
      activesupport (>= 3.0.0)
      cocaine (~> 0.5.0)
      mime-types

GEM
  remote: https://rubygems.org/
  specs:
    activerecord-deprecated_finders (0.0.3)
    airbrake (3.1.12)
      activesupport
      builder
      json
    ansi (1.3.0)
    atomic (1.1.9)
    bcrypt-ruby (3.0.1)
    bootstrap-datepicker-rails (1.0.0.5)
      railties (>= 3.0)
    bootstrap-sass (2.3.1.0)
      sass (~> 3.2)
    bourne (1.1.2)
      mocha (= 0.10.5)
    builder (3.1.4)
    capistrano (2.14.2)
      highline
      net-scp (>= 1.0.0)
      net-sftp (>= 2.0.0)
      net-ssh (>= 2.0.14)
      net-ssh-gateway (>= 1.1.0)
    capybara (2.0.3)
      mime-types (>= 1.16)
      nokogiri (>= 1.3.3)
      rack (>= 1.0.0)
      rack-test (>= 0.5.4)
      selenium-webdriver (~> 2.0)
      xpath (~> 1.0.0)
    capybara-webkit (0.14.2)
      capybara (~> 2.0, >= 2.0.2)
      json
    capybara_minitest_spec (1.0.0)
      capybara (>= 2)
      minitest (>= 2)
    childprocess (0.3.9)
      ffi (~> 1.0, >= 1.0.11)
    climate_control (0.0.3)
      activesupport (>= 3.0)
    cocaine (0.5.1)
      climate_control (>= 0.0.3, < 1.0)
    coderay (1.0.9)
    coffee-script (2.2.0)
      coffee-script-source
      execjs
    coffee-script-source (1.6.2)
    erubis (2.7.0)
    eventmachine (1.0.3)
    execjs (1.4.0)
      multi_json (~> 1.0)
    factory_girl (4.2.0)
      activesupport (>= 3.0.0)
    factory_girl_rails (4.2.1)
      factory_girl (~> 4.2.0)
      railties (>= 3.0.0)
    faker (1.1.2)
      i18n (~> 0.5)
    faye-websocket (0.4.7)
      eventmachine (>= 0.12.0)
    ffi (1.6.0)
    formatador (0.2.4)
    guard (1.8.0)
      formatador (>= 0.2.4)
      listen (>= 1.0.0)
      lumberjack (>= 1.0.2)
      pry (>= 0.9.10)
      thor (>= 0.14.6)
    guard-minitest (0.5.0)
      guard (>= 0.4)
    highline (1.6.16)
    hike (1.2.1)
    http_parser.rb (0.5.3)
    i18n (0.6.4)
    jbuilder (1.0.2)
      activesupport (>= 3.0.0)
    jquery-fileupload-rails (0.4.1)
      actionpack (>= 3.1)
      railties (>= 3.1)
    json (1.7.7)
    kgio (2.8.0)
    libv8 (3.11.8.17)
    listen (1.1.2)
      rb-fsevent (>= 0.9.3)
      rb-inotify (>= 0.9)
      rb-kqueue (>= 0.2)
    lumberjack (1.0.3)
    mail (2.5.3)
      i18n (>= 0.4.0)
      mime-types (~> 1.16)
      treetop (~> 1.4.8)
    metaclass (0.0.1)
    method_source (0.8.1)
    mime-types (1.23)
    minitest (4.7.0)
    minitest-capybara (0.1.0)
      capybara (>= 1.0)
      minitest-matchers (>= 1.2)
    minitest-matchers (1.2.0)
      minitest (>= 2.5.0)
    minitest-metadata (0.3.0)
      minitest (>= 2.12)
    minitest-rails (0.5.2)
      minitest (~> 4.0)
      rails (>= 3.0)
    minitest-rails-capybara (0.5.1)
      capybara (~> 2.0)
      minitest-capybara (~> 0.1)
      minitest-matchers (>= 1.2)
      minitest-rails (~> 0.5)
    minitest-rails-shoulda (0.4.1)
      minitest-matchers (~> 1.2.0)
      minitest-rails (~> 0.5.0)
      shoulda-matchers (~> 1.4.1)
    minitest-rg (1.1.0)
    mocha (0.10.5)
      metaclass (~> 0.0.1)
    mono_logger (1.0.1)
    multi_json (1.7.3)
    net-scp (1.1.0)
      net-ssh (>= 2.6.5)
    net-sftp (2.1.1)
      net-ssh (>= 2.6.5)
    net-ssh (2.6.6)
    net-ssh-gateway (1.2.0)
      net-ssh (>= 2.6.5)
    nokogiri (1.5.9)
    orm_adapter (0.4.0)
    pg (0.15.0)
    poltergeist (1.1.2)
      capybara (~> 2.0.1)
      faye-websocket (~> 0.4.4)
      http_parser.rb (~> 0.5.3)
    polyglot (0.3.3)
    pry (0.9.12.2)
      coderay (~> 1.0.5)
      method_source (~> 0.8)
      slop (~> 3.4)
    rack (1.5.2)
    rack-protection (1.5.0)
      rack
    rack-test (0.6.2)
      rack (>= 1.0)
    raindrops (0.10.0)
    rake (10.0.4)
    rb-fsevent (0.9.3)
    rb-inotify (0.9.0)
      ffi (>= 0.5.0)
    rb-kqueue (0.2.0)
      ffi (>= 0.5.0)
    redis (3.0.4)
    redis-namespace (1.3.0)
      redis (~> 3.0.0)
    ref (1.0.4)
    resque (1.24.1)
      mono_logger (~> 1.0)
      multi_json (~> 1.0)
      redis-namespace (~> 1.2)
      sinatra (>= 0.9.2)
      vegas (~> 0.1.2)
    rubyzip (0.9.9)
    rvm-capistrano (1.2.7)
      capistrano (>= 2.0.0)
    sass (3.2.7)
    selenium-webdriver (2.31.0)
      childprocess (>= 0.2.5)
      multi_json (~> 1.0)
      rubyzip
      websocket (~> 1.0.4)
    shoulda-matchers (1.4.2)
      activesupport (>= 3.0.0)
      bourne (~> 1.1.2)
    sinatra (1.4.2)
      rack (~> 1.5, >= 1.5.2)
      rack-protection (~> 1.4)
      tilt (~> 1.3, >= 1.3.4)
    slop (3.4.5)
    sprockets (2.9.0)
      hike (~> 1.2)
      multi_json (~> 1.0)
      rack (~> 1.0)
      tilt (~> 1.1, != 1.3.0)
    therubyracer (0.11.4)
      libv8 (~> 3.11.8.12)
      ref
    thor (0.18.1)
    thread_safe (0.1.0)
      atomic
    tilt (1.3.6)
    treetop (1.4.12)
      polyglot
      polyglot (>= 0.3.1)
    turbolinks (1.1.0)
      coffee-rails
    turn (0.8.2)
      ansi (>= 1.2.2)
    tzinfo (0.3.37)
    uglifier (1.3.0)
      execjs (>= 0.3.0)
      multi_json (~> 1.0, >= 1.0.2)
    unicorn (4.6.2)
      kgio (~> 2.6)
      rack
      raindrops (~> 0.7)
    uuidtools (2.1.3)
    vegas (0.1.11)
      rack (>= 1.0.0)
    warden (1.2.1)
      rack (>= 1.0)
    websocket (1.0.7)
    will_paginate (3.0.4)
    xpath (1.0.0)
      nokogiri (~> 1.3)

PLATFORMS
  ruby

DEPENDENCIES
  airbrake
  arel!
  aws-sdk!
  bootstrap-datepicker-rails
  bootstrap-sass
  capistrano
  capybara-webkit
  capybara_minitest_spec
  coffee-rails!
  database_cleaner!
  delayed_paperclip!
  devise!
  factory_girl_rails
  faker
  guard-minitest
  haml!
  jbuilder (~> 1.0.1)
  jquery-datatables-rails!
  jquery-fileupload-rails
  jquery-rails!
  minitest-matchers
  minitest-metadata
  minitest-rails
  minitest-rails-capybara
  minitest-rails-shoulda
  minitest-rg
  paperclip!
  pg
  poltergeist
  rails!
  resque
  rvm-capistrano
  sass-rails!
  sprockets-rails!
  therubyracer
  turbolinks
  turn
  uglifier (>= 1.0.3)
  unicorn
  will_paginate
